GEM
  remote: http://rubygems.org/
  specs:
    ZenTest (4.8.2)
    diff-lcs (1.1.3)
    git (1.2.5)
    immutable_struct (1.0.2)
    jeweler (1.8.4)
      bundler (~> 1.0)
      git (>= 1.2.5)
      rake
      rdoc
    json (1.7.5)
    rake (10.0.2)
    rdoc (3.12)
      json (~> 1.4)
    rspec (2.12.0)
      rspec-core (~> 2.12.0)
      rspec-expectations (~> 2.12.0)
      rspec-mocks (~> 2.12.0)
    rspec-core (2.12.0)
    rspec-expectations (2.12.0)
      diff-lcs (~> 1.1.3)
    rspec-mocks (2.12.0)

PLATFORMS
  ruby

DEPENDENCIES
  ZenTest
  bundler (~> 1)
  immutable_struct
  jeweler (~> 1.8)
  rspec (~> 2)
